GEM
  remote: http://rubygems.org/
  specs:
    aruba (0.4.9)
      childprocess (>= 0.2.3)
      cucumber (>= 1.1.1)
      ffi (= 1.0.11)
      rspec (>= 2.7.0)
    builder (3.0.0)
    childprocess (0.2.3)
      ffi (~> 1.0.6)
    cucumber (1.1.4)
      builder (>= 2.1.2)
      diff-lcs (>= 1.1.2)
      gherkin (~> 2.7.1)
      json (>= 1.4.6)
      term-ansicolor (>= 1.0.6)
    diff-lcs (1.1.3)
    eventmachine (0.12.10)
    eventmachine-tail (0.6.3)
      eventmachine
    ffi (1.0.11)
    gherkin (2.7.1)
      json (>= 1.4.6)
    growl (1.0.3)
    guard (0.9.1)
      ffi (>= 0.5.0)
      thor (~> 0.14.6)
    guard-cucumber (0.7.4)
      cucumber (>= 0.10)
      guard (>= 0.8.3)
    guard-rspec (0.5.9)
      guard (>= 0.8.4)
    guard-test (0.4.3)
      guard (>= 0.4)
      test-unit (~> 2.2)
    json (1.6.3)
    rake (0.9.2.2)
    rb-fsevent (0.4.3.1)
    rspec (2.7.0)
      rspec-core (~> 2.7.0)
      rspec-expectations (~> 2.7.0)
      rspec-mocks (~> 2.7.0)
    rspec-core (2.7.1)
    rspec-expectations (2.7.0)
      diff-lcs (~> 1.1.2)
    rspec-mocks (2.7.0)
    term-ansicolor (1.0.7)
    test-unit (2.4.3)
    thor (0.14.6)
    trollop (1.16.2)

PLATFORMS
  ruby

DEPENDENCIES
  aruba
  cucumber
  eventmachine
  eventmachine-tail
  growl
  guard
  guard-cucumber
  guard-rspec
  guard-test
  jruby-openssl
  rake
  rb-fsevent
  rspec
  trollop
